GEM
  remote: https://rubygems.org/
  specs:
    builder (3.0.4)
    chunky_png (1.2.8)
    coderay (1.0.9)
    coffee-script (2.2.0)
      coffee-script-source
      execjs
    coffee-script-source (1.6.2)
    compass (0.12.2)
      chunky_png (~> 1.2)
      fssm (>= 0.2.7)
      sass (~> 3.1)
    compass-h5bp (0.1.1)
      compass
    diff-lcs (1.2.4)
    excon (0.25.1)
    execjs (1.4.0)
      multi_json (~> 1.0)
    fog (1.5.0)
      builder
      excon (~> 0.14)
      formatador (~> 0.2.0)
      mime-types
      multi_json (~> 1.0)
      net-scp (~> 1.0.4)
      net-ssh (>= 2.1.3)
      nokogiri (~> 1.5.0)
      ruby-hmac
    formatador (0.2.4)
    fssm (0.2.10)
    jsmin (1.0.1)
    kgio (2.7.4)
    method_source (0.8.1)
    mime-types (1.23)
    mini_magick (3.4)
      subexec (~> 0.2.1)
    mono_logger (1.1.0)
    multi_json (1.7.7)
    mustache (0.99.4)
    net-scp (1.0.4)
      net-ssh (>= 1.99.1)
    net-ssh (2.5.2)
    nokogiri (1.5.5)
    pry (0.9.12.2)
      coderay (~> 1.0.5)
      method_source (~> 0.8)
      slop (~> 3.4)
    rack (1.2.2)
    rack-test (0.6.2)
      rack (>= 1.0)
    raindrops (0.10.0)
    rake (10.1.0)
    redis (3.0.4)
    redis-namespace (1.3.0)
      redis (~> 3.0.0)
    resque (1.24.1)
      mono_logger (~> 1.0)
      multi_json (~> 1.0)
      redis-namespace (~> 1.2)
      sinatra (>= 0.9.2)
      vegas (~> 0.1.2)
    rspec (2.14.1)
      rspec-core (~> 2.14.0)
      rspec-expectations (~> 2.14.0)
      rspec-mocks (~> 2.14.0)
    rspec-core (2.14.3)
    rspec-expectations (2.14.0)
      diff-lcs (>= 1.1.3, < 2.0)
    rspec-mocks (2.14.1)
    ruby-hmac (0.4.0)
    sass (3.2.9)
    sinatra (1.2.6)
      rack (~> 1.1)
      tilt (>= 1.2.2, < 2.0)
    sinatra-assetpack (0.2.7)
      jsmin
      rack-test
      sinatra
      tilt (>= 1.3.0)
    sinatra-redis (0.3.0)
      redis
      sinatra (>= 0.9.4)
    sinatra-support (1.2.2)
      sinatra (>= 1.0)
    slop (3.4.5)
    subexec (0.2.2)
    tilt (1.3)
    unicorn (4.3.1)
      kgio (~> 2.6)
      rack
      raindrops (~> 0.7)
    vegas (0.1.11)
      rack (>= 1.0.0)

PLATFORMS
  ruby

DEPENDENCIES
  coffee-script
  compass
  compass-h5bp
  fog
  mini_magick
  mustache
  pry
  rack-test
  rake
  resque (= 1.24.1)
  rspec
  sinatra
  sinatra-assetpack
  sinatra-redis
  sinatra-support
  unicorn
